GEM
  remote: https://rubygems.org/
  specs:
    artii (2.1.1)
    cowsay (0.2.0)
    sqlite3 (1.3.10)

PLATFORMS
  ruby

DEPENDENCIES
  artii
  cowsay
  sqlite3

BUNDLED WITH
   1.10.5
